PATH
  remote: .
  specs:
    hetzner-api (1.0.2)
      httparty (>= 0.7.4)
      json
      thor
      xml-simple

GEM
  remote: http://rubygems.org/
  specs:
    aruba (0.3.6)
      childprocess (>= 0.1.7)
      cucumber (>= 0.10.0)
      rspec (>= 2.5.0)
    background_process (1.3)
    builder (3.0.0)
    childprocess (0.1.9)
      ffi (~> 1.0.6)
    crack (0.1.8)
    cucumber (0.10.3)
      builder (>= 2.1.2)
      diff-lcs (>= 1.1.2)
      gherkin (>= 2.3.8)
      json (>= 1.4.6)
      term-ansicolor (>= 1.0.5)
    diff-lcs (1.1.2)
    fakeweb (1.3.0)
    ffi (1.0.9)
    gherkin (2.3.10)
      json (>= 1.4.6)
    growl (1.0.3)
    guard (0.3.4)
      thor (~> 0.14.6)
    guard-rspec (0.3.1)
      guard (>= 0.2.2)
    httparty (0.7.8)
      crack (= 0.1.8)
    json (1.5.1)
    rspec (2.6.0)
      rspec-core (~> 2.6.0)
      rspec-expectations (~> 2.6.0)
      rspec-mocks (~> 2.6.0)
    rspec-core (2.6.3)
    rspec-expectations (2.6.0)
      diff-lcs (~> 1.1.2)
    rspec-mocks (2.6.0)
    term-ansicolor (1.0.5)
    thor (0.14.6)
    xml-simple (1.1.0)

PLATFORMS
  ruby

DEPENDENCIES
  aruba
  background_process (>= 1.2)
  bundler (>= 1.0.2)
  cucumber
  fakeweb
  growl
  guard-rspec (>= 0.3.1)
  hetzner-api!
  rspec (>= 2.6.0)
